PATH
  remote: .
  specs:
    numerizer (0.2.0)

GEM
  remote: https://rubygems.org/
  specs:
    minitest (5.11.1)
    rake (13.0.1)

PLATFORMS
  ruby

DEPENDENCIES
  minitest (~> 5.0)
  numerizer!
  rake (~> 13)

BUNDLED WITH
   1.15.0
